PATH
  remote: .
  specs:
    kitchen-yansible-pusher (0.1.1)

GEM
  remote: https://rubygems.org/
  specs:
    base64 (0.2.0)
    bcrypt_pbkdf (1.1.1)
    bcrypt_pbkdf (1.1.1-x86_64-darwin)
    bigdecimal (3.1.8)
    builder (3.3.0)
    chef-utils (18.5.0)
      concurrent-ruby
    concurrent-ruby (1.3.4)
    diff-lcs (1.5.1)
    ed25519 (1.3.0)
    erubi (1.13.0)
    ffi (1.17.0)
    ffi (1.17.0-x86_64-darwin)
    gssapi (1.3.1)
      ffi (>= 1.0.1)
    gyoku (1.4.0)
      builder (>= 2.1.2)
      rexml (~> 3.0)
    httpclient (2.8.3)
    kitchen-docker (3.0.0)
      test-kitchen (>= 1.0.0)
    kitchen-vagrant (2.0.1)
      test-kitchen (>= 1.4, < 4)
    license-acceptance (2.1.13)
      pastel (~> 0.7)
      tomlrb (>= 1.2, < 3.0)
      tty-box (~> 0.6)
      tty-prompt (~> 0.20)
    little-plugger (1.1.4)
    logger (1.6.0)
    logging (2.4.0)
      little-plugger (~> 1.1)
      multi_json (~> 1.14)
    mixlib-install (3.12.30)
      mixlib-shellout
      mixlib-versioning
      thor
    mixlib-shellout (3.2.8)
      chef-utils
    mixlib-versioning (1.2.12)
    multi_json (1.15.0)
    net-scp (4.0.0)
      net-ssh (>= 2.6.5, < 8.0.0)
    net-ssh (7.2.3)
    net-ssh-gateway (2.0.0)
      net-ssh (>= 4.0.0)
    nori (2.7.1)
      bigdecimal
    pastel (0.8.0)
      tty-color (~> 0.5)
    rake (13.2.1)
    rbs (3.5.3)
      logger
    rexml (3.3.6)
      strscan
    rspec (3.13.0)
      rspec-core (~> 3.13.0)
      rspec-expectations (~> 3.13.0)
      rspec-mocks (~> 3.13.0)
    rspec-core (3.13.0)
      rspec-support (~> 3.13.0)
    rspec-expectations (3.13.2)
      diff-lcs (>= 1.2.0, < 2.0)
      rspec-support (~> 3.13.0)
    rspec-mocks (3.13.1)
      diff-lcs (>= 1.2.0, < 2.0)
      rspec-support (~> 3.13.0)
    rspec-support (3.13.1)
    rubyntlm (0.6.5)
      base64
    rubyzip (2.3.2)
    strings (0.2.1)
      strings-ansi (~> 0.2)
      unicode-display_width (>= 1.5, < 3.0)
      unicode_utils (~> 1.4)
    strings-ansi (0.2.0)
    strscan (3.1.0)
    test-kitchen (3.7.0)
      bcrypt_pbkdf (~> 1.0)
      chef-utils (>= 16.4.35)
      ed25519 (~> 1.2)
      license-acceptance (>= 1.0.11, < 3.0)
      mixlib-install (~> 3.6)
      mixlib-shellout (>= 1.2, < 4.0)
      net-scp (>= 1.1, < 5.0)
      net-ssh (>= 2.9, < 8.0)
      net-ssh-gateway (>= 1.2, < 3.0)
      thor (>= 0.19, < 2.0)
      winrm (~> 2.0)
      winrm-elevated (~> 1.0)
      winrm-fs (~> 1.1)
    thor (1.3.2)
    tomlrb (2.0.3)
    tty-box (0.7.0)
      pastel (~> 0.8)
      strings (~> 0.2.0)
      tty-cursor (~> 0.7)
    tty-color (0.6.0)
    tty-cursor (0.7.1)
    tty-prompt (0.23.1)
      pastel (~> 0.8)
      tty-reader (~> 0.8)
    tty-reader (0.9.0)
      tty-cursor (~> 0.7)
      tty-screen (~> 0.8)
      wisper (~> 2.0)
    tty-screen (0.8.2)
    unicode-display_width (2.5.0)
    unicode_utils (1.4.0)
    winrm (2.3.9)
      builder (>= 2.1.2)
      erubi (~> 1.8)
      gssapi (~> 1.2)
      gyoku (~> 1.0)
      httpclient (~> 2.2, >= 2.2.0.2)
      logging (>= 1.6.1, < 3.0)
      nori (~> 2.0, >= 2.7.1)
      rexml (~> 3.0)
      rubyntlm (~> 0.6.0, >= 0.6.3)
    winrm-elevated (1.2.3)
      erubi (~> 1.8)
      winrm (~> 2.0)
      winrm-fs (~> 1.0)
    winrm-fs (1.3.5)
      erubi (~> 1.8)
      logging (>= 1.6.1, < 3.0)
      rubyzip (~> 2.0)
      winrm (~> 2.0)
    wisper (2.0.1)

PLATFORMS
  ruby
  x86_64-darwin-23

DEPENDENCIES
  kitchen-docker (~> 3.0)
  kitchen-vagrant (~> 2.0, >= 2.0.1)
  kitchen-yansible-pusher!
  rake (~> 13.0)
  rbs (~> 3.5, >= 3.5.3)
  rspec (~> 3.0)
  test-kitchen (~> 3.7)

BUNDLED WITH
   2.5.17
