PATH
  remote: .
  specs:
    kitchen-yansible-pusher (0.1.0)

GEM
  remote: https://rubygems.org/
  specs:
    diff-lcs (1.5.1)
    logger (1.6.0)
    rake (13.2.1)
    rbs (3.5.3)
      logger
    rspec (3.13.0)
      rspec-core (~> 3.13.0)
      rspec-expectations (~> 3.13.0)
      rspec-mocks (~> 3.13.0)
    rspec-core (3.13.0)
      rspec-support (~> 3.13.0)
    rspec-expectations (3.13.2)
      diff-lcs (>= 1.2.0, < 2.0)
      rspec-support (~> 3.13.0)
    rspec-mocks (3.13.1)
      diff-lcs (>= 1.2.0, < 2.0)
      rspec-support (~> 3.13.0)
    rspec-support (3.13.1)

PLATFORMS
  ruby
  x86_64-darwin-23

DEPENDENCIES
  kitchen-yansible-pusher!
  rake (~> 13.0)
  rbs (~> 3.5, >= 3.5.3)
  rspec (~> 3.0)

BUNDLED WITH
   2.5.17
